PATH
  remote: ../lacci
  specs:
    lacci (0.4.0)
      scarpe-components (~> 0.4.0)

PATH
  remote: .
  specs:
    scarpe-components (0.4.0)

GEM
  remote: https://rubygems.org/
  specs:
    ansi (1.5.0)
    builder (3.2.4)
    debug (1.8.0)
      irb (>= 1.5.0)
      reline (>= 0.3.1)
    io-console (0.6.0)
    irb (1.8.0)
      rdoc (~> 6.5)
      reline (>= 0.3.6)
    minitest (5.19.0)
    minitest-reporters (1.6.1)
      ansi
      builder
      minitest (>= 5.0)
      ruby-progressbar
    psych (5.1.0)
      stringio
    rake (13.0.6)
    rdoc (6.5.0)
      psych (>= 4.0.0)
    reline (0.3.8)
      io-console (~> 0.5)
    ruby-progressbar (1.13.0)
    stringio (3.0.8)
    webrick (1.8.1)

PLATFORMS
  arm64-darwin-21
  x86_64-darwin-22

DEPENDENCIES
  debug
  lacci!
  minitest (~> 5.0)
  minitest-reporters
  rake (~> 13.0)
  scarpe-components!
  webrick

BUNDLED WITH
   2.4.14
