PATH
  remote: ../scarpe-components
  specs:
    scarpe-components (0.4.0)

PATH
  remote: .
  specs:
    lacci (0.4.0)
      scarpe-components (~> 0.4.0)

GEM
  remote: https://rubygems.org/
  specs:
    ansi (1.5.0)
    builder (3.2.4)
    debug (1.8.0)
      irb (>= 1.5.0)
      reline (>= 0.3.1)
    io-console (0.6.0)
    irb (1.7.2)
      reline (>= 0.3.6)
    minitest (5.18.1)
    minitest-reporters (1.6.0)
      ansi
      builder
      minitest (>= 5.0)
      ruby-progressbar
    rake (13.0.6)
    redcarpet (3.6.0)
    reline (0.3.6)
      io-console (~> 0.5)
    ruby-progressbar (1.13.0)
    yard (0.9.34)

PLATFORMS
  arm64-darwin-21
  x86_64-darwin-22

DEPENDENCIES
  debug
  lacci!
  minitest (~> 5.0)
  minitest-reporters
  rake (~> 13.0)
  redcarpet
  scarpe-components!
  yard

BUNDLED WITH
   2.4.10
